GIT
  remote: git@github.com:wongatech/pantry_daemon_common.git
  revision: 521a51093287dc095dbb528aecf8c1e669a2f8d9
  tag: v0.2.3
  specs:
    pantry_daemon_common (0.2.3)
      aws-sdk
      daemons
      em-winrm
      net-ssh
      net-ssh-multi
      rest-client
      syslogger

GIT
  remote: https://github.com/besol/em-winrm.git
  revision: 3a61bf6246666a5260ec0811db045da318e0d4af
  specs:
    em-winrm (0.6.0)
      eventmachine
      mixlib-log
      uuidtools
      winrm

GEM
  remote: https://rubygems.org/
  specs:
    akami (1.2.0)
      gyoku (>= 0.4.0)
      nokogiri (>= 1.4.0)
    aws-sdk (1.31.3)
      json (~> 1.4)
      nokogiri (>= 1.4.4)
      uuidtools (~> 2.1)
    builder (3.2.2)
    coderay (1.0.9)
    columnize (0.3.6)
    daemons (1.1.9)
    debugger (1.6.2)
      columnize (>= 0.3.1)
      debugger-linecache (~> 1.2.0)
      debugger-ruby_core_source (~> 1.2.3)
    debugger-linecache (1.2.0)
    debugger-ruby_core_source (1.2.3)
    diff-lcs (1.2.4)
    eventmachine (1.0.3)
    ffi (1.9.0)
    formatador (0.2.4)
    gssapi (1.0.3)
      ffi (>= 1.0.1)
    guard (1.8.3)
      formatador (>= 0.2.4)
      listen (~> 1.3)
      lumberjack (>= 1.0.2)
      pry (>= 0.9.10)
      thor (>= 0.14.6)
    guard-bundler (1.0.0)
      bundler (~> 1.0)
      guard (~> 1.1)
    guard-rspec (3.1.0)
      guard (>= 1.8)
      rspec (~> 2.13)
    gyoku (1.1.0)
      builder (>= 2.1.2)
    httpclient (2.2.0.2)
    httpi (0.9.7)
      rack
    json (1.8.1)
    listen (1.3.1)
      rb-fsevent (>= 0.9.3)
      rb-inotify (>= 0.9)
      rb-kqueue (>= 0.2)
    little-plugger (1.1.3)
    logging (1.6.2)
      little-plugger (>= 1.1.3)
    lumberjack (1.0.4)
    method_source (0.8.2)
    mime-types (2.0)
    mixlib-log (1.6.0)
    multi_json (1.8.0)
    net-ssh (2.7.0)
    net-ssh-gateway (1.2.0)
      net-ssh (>= 2.6.5)
    net-ssh-multi (1.2.0)
      net-ssh (>= 2.6.5)
      net-ssh-gateway (>= 1.2.0)
    nokogiri (1.5.10)
    nori (1.1.5)
    pry (0.9.12.2)
      coderay (~> 1.0.5)
      method_source (~> 0.8)
      slop (~> 3.4)
    pry-debugger (0.2.2)
      debugger (~> 1.3)
      pry (~> 0.9.10)
    rack (1.5.2)
    rake (10.1.0)
    rb-fsevent (0.9.3)
    rb-inotify (0.9.2)
      ffi (>= 0.5.0)
    rb-kqueue (0.2.0)
      ffi (>= 0.5.0)
    rest-client (1.6.7)
      mime-types (>= 1.16)
    rspec (2.14.1)
      rspec-core (~> 2.14.0)
      rspec-expectations (~> 2.14.0)
      rspec-mocks (~> 2.14.0)
    rspec-core (2.14.5)
    rspec-expectations (2.14.3)
      diff-lcs (>= 1.1.3, < 2.0)
    rspec-fire (1.2.0)
      rspec (~> 2.11)
    rspec-mocks (2.14.3)
    rubyntlm (0.1.1)
    savon (0.9.5)
      akami (~> 1.0)
      builder (>= 2.1.2)
      gyoku (>= 0.4.0)
      httpi (~> 0.9)
      nokogiri (>= 1.4.0)
      nori (~> 1.0)
      wasabi (~> 1.0)
    simplecov (0.7.1)
      multi_json (~> 1.0)
      simplecov-html (~> 0.7.1)
    simplecov-html (0.7.1)
    simplecov-rcov (0.2.3)
      simplecov (>= 0.4.1)
    slop (3.4.6)
    syslogger (1.5.1)
    thor (0.18.1)
    uuidtools (2.1.4)
    wasabi (1.0.0)
      nokogiri (>= 1.4.0)
    winrm (1.1.2)
      gssapi (~> 1.0.0)
      httpclient (~> 2.2.0.2)
      logging (~> 1.6.1)
      nokogiri (~> 1.5.0)
      rubyntlm (~> 0.1.1)
      savon (= 0.9.5)
      uuidtools (~> 2.1.2)

PLATFORMS
  ruby

DEPENDENCIES
  em-winrm!
  guard-bundler
  guard-rspec
  pantry_daemon_common!
  pry-debugger
  rake
  rspec
  rspec-fire
  simplecov
  simplecov-rcov
